PATH
  remote: .
  specs:
    gitmarshal (0.1.0)
      colorize
      dotenv (~> 2.7)
      json (~> 2.5)
      rest-client (~> 2.1)
      terminal-table (~> 3.0.0)
      thor (~> 1.1)

GEM
  remote: https://rubygems.org/
  specs:
    ast (2.4.2)
    colorize (1.1.0)
    diff-lcs (1.5.0)
    domain_name (0.5.20190701)
      unf (>= 0.0.5, < 1.0.0)
    dotenv (2.8.1)
    http-accept (1.7.0)
    http-cookie (1.0.5)
      domain_name (~> 0.5)
    json (2.6.3)
    language_server-protocol (3.17.0.3)
    mime-types (3.4.1)
      mime-types-data (~> 3.2015)
    mime-types-data (3.2023.0218.1)
    netrc (0.11.0)
    parallel (1.23.0)
    parser (3.2.2.3)
      ast (~> 2.4.1)
      racc
    racc (1.7.1)
    rainbow (3.1.1)
    rake (13.0.6)
    regexp_parser (2.8.1)
    rest-client (2.1.0)
      http-accept (>= 1.7.0, < 2.0)
      http-cookie (>= 1.0.2, < 2.0)
      mime-types (>= 1.16, < 4.0)
      netrc (~> 0.8)
    rexml (3.2.5)
    rspec (3.12.0)
      rspec-core (~> 3.12.0)
      rspec-expectations (~> 3.12.0)
      rspec-mocks (~> 3.12.0)
    rspec-core (3.12.2)
      rspec-support (~> 3.12.0)
    rspec-expectations (3.12.3)
      diff-lcs (>= 1.2.0, < 2.0)
      rspec-support (~> 3.12.0)
    rspec-mocks (3.12.5)
      diff-lcs (>= 1.2.0, < 2.0)
      rspec-support (~> 3.12.0)
    rspec-support (3.12.1)
    rubocop (1.53.1)
      json (~> 2.3)
      language_server-protocol (>= 3.17.0)
      parallel (~> 1.10)
      parser (>= 3.2.2.3)
      rainbow (>= 2.2.2, < 4.0)
      regexp_parser (>= 1.8, < 3.0)
      rexml (>= 3.2.5, < 4.0)
      rubocop-ast (>= 1.28.0, < 2.0)
      ruby-progressbar (~> 1.7)
      unicode-display_width (>= 2.4.0, < 3.0)
    rubocop-ast (1.29.0)
      parser (>= 3.2.1.0)
    ruby-progressbar (1.13.0)
    terminal-table (3.0.2)
      unicode-display_width (>= 1.1.1, < 3)
    thor (1.2.2)
    unf (0.1.4)
      unf_ext
    unf_ext (0.0.8.2)
    unicode-display_width (2.4.2)

PLATFORMS
  arm64-darwin-21
  arm64-darwin-22

DEPENDENCIES
  gitmarshal!
  rake (~> 13.0)
  rspec (~> 3.0)
  rubocop (~> 1.21)

BUNDLED WITH
   2.4.1
